GEM
  remote: https://rubygems.org/
  specs:
    websocket (1.2.3)

PLATFORMS
  ruby

DEPENDENCIES
  websocket

BUNDLED WITH
   1.12.5
