GEM
  remote: https://rubygems.org/
  specs:
    eventmachine (1.2.5)
    oj (2.17.4)
    websocket (1.2.3)
    websocket-eventmachine-base (1.2.0)
      eventmachine (~> 1.0)
      websocket (~> 1.0)
      websocket-native (~> 1.0)
    websocket-eventmachine-client (1.2.0)
      websocket-eventmachine-base (~> 1.0)
    websocket-native (1.0.0)

PLATFORMS
  ruby

DEPENDENCIES
  oj
  websocket-eventmachine-client

BUNDLED WITH
   1.12.5
